GIT
  remote: git://github.com/rtomayko/shotgun.git
  revision: 3640bcdb8a243ece5b370d0f537d9ff73f0db26e
  ref:  3640bcd
  specs:
    shotgun (0.9.2)
      rack (>= 1.0)

GEM
  remote: https://rubygems.org/
  specs:
    json (2.1.0)
    pg (0.17.1)
    rack (1.6.8)
    redcarpet (3.4.0)
    sass (3.4.25)
    sinatra (1.2.6)
      rack (~> 1.1)
      tilt (>= 1.2.2, < 2.0)
    tilt (1.4.1)

PLATFORMS
  ruby

DEPENDENCIES
  json (> 1.5.3)
  pg (~> 0.17.0)
  redcarpet (~> 3.4.0)
  sass (~> 3.4.25)
  shotgun!
  sinatra (= 1.2.6)

BUNDLED WITH
   1.17.3
