GIT
  remote: git://github.com/rtomayko/shotgun.git
  revision: d9195d7e1e4ac2eb3d949ec1b7df7a5e7e694ad5
  specs:
    shotgun (0.9)
      rack (>= 1.0)

GEM
  remote: https://rubygems.org/
  specs:
    json (1.5.3)
    pg (0.15.1)
    rack (1.3.0)
    redcarpet (1.17.2)
    sass (3.1.0.alpha.221)
    sinatra (1.2.6)
      rack (~> 1.1)
      tilt (>= 1.2.2, < 2.0)
    tilt (1.3.2)

PLATFORMS
  ruby

DEPENDENCIES
  json
  pg
  redcarpet (~> 1.17.2)
  sass
  shotgun!
  sinatra
